PATH
  remote: .
  specs:
    warden_delegated (0.0.2)
      orm_adapter (= 0.5.0)
      warden (~> 1.2.3)

GEM
  remote: https://rubygems.org/
  specs:
    orm_adapter (0.5.0)
    rack (2.0.3)
    warden (1.2.7)
      rack (>= 1.0)

PLATFORMS
  ruby

DEPENDENCIES
  warden_delegated!

BUNDLED WITH
   1.16.0
