PATH
  remote: .
  specs:
    warden_delegated (0.0.1)
      orm_adapter (~> 0.1)
      warden (~> 1.2)

GEM
  remote: https://rubygems.org/
  specs:
    orm_adapter (0.5.0)
    rack (1.5.2)
    warden (1.2.3)
      rack (>= 1.0)

PLATFORMS
  ruby

DEPENDENCIES
  warden_delegated!
